GEM
  remote: https://rubygems.org/
  specs:
    mini_portile2 (2.8.8)
    nokogiri (1.13.10)
      mini_portile2 (~> 2.8.0)
      racc (~> 1.4)
    racc (1.8.1)
    ruby_http_client (3.5.5)
    sendgrid-ruby (6.7.0)
      ruby_http_client (~> 3.4)
    sqlite3 (1.6.9)
      mini_portile2 (~> 2.8.0)

PLATFORMS
  ruby

DEPENDENCIES
  nokogiri (~> 1.13.10)
  sendgrid-ruby (~> 6.7)
  sqlite3 (~> 1.6.9)

RUBY VERSION
   ruby 2.6.2p47

BUNDLED WITH
   1.17.2
